PATH
  remote: .
  specs:
    porky_lib (0.10.0)
      aws-sdk-kms
      aws-sdk-s3
      msgpack
      rbnacl (= 5.0.0)
      rbnacl-libsodium

GEM
  remote: https://rubygems.org/
  specs:
    ast (2.4.0)
    aws-eventstream (1.0.3)
    aws-partitions (1.281.0)
    aws-sdk-core (3.91.0)
      aws-eventstream (~> 1.0, >= 1.0.2)
      aws-partitions (~> 1, >= 1.239.0)
      aws-sigv4 (~> 1.1)
      jmespath (~> 1.0)
    aws-sdk-kms (1.30.0)
      aws-sdk-core (~> 3, >= 3.71.0)
      aws-sigv4 (~> 1.1)
    aws-sdk-s3 (1.61.1)
      aws-sdk-core (~> 3, >= 3.83.0)
      aws-sdk-kms (~> 1)
      aws-sigv4 (~> 1.1)
    aws-sigv4 (1.1.1)
      aws-eventstream (~> 1.0, >= 1.0.2)
    bundler-audit (0.6.1)
      bundler (>= 1.2.0, < 3)
      thor (~> 0.18)
    byebug (11.1.1)
    codacy-coverage (2.2.1)
      simplecov
    codecov (0.1.16)
      json
      simplecov
      url
    diff-lcs (1.3)
    docile (1.3.2)
    ffi (1.12.2)
    jaro_winkler (1.5.4)
    jmespath (1.4.0)
    json (2.3.0)
    msgpack (1.3.3)
    parallel (1.19.1)
    parser (2.7.0.3)
      ast (~> 2.4.0)
    rainbow (3.0.0)
    rake (13.0.1)
    rbnacl (5.0.0)
      ffi
    rbnacl-libsodium (1.0.16)
      rbnacl (>= 3.0.1)
    rexml (3.2.4)
    rspec (3.9.0)
      rspec-core (~> 3.9.0)
      rspec-expectations (~> 3.9.0)
      rspec-mocks (~> 3.9.0)
    rspec-collection_matchers (1.2.0)
      rspec-expectations (>= 2.99.0.beta1)
    rspec-core (3.9.1)
      rspec-support (~> 3.9.1)
    rspec-expectations (3.9.0)
      diff-lcs (>= 1.2.0, < 2.0)
      rspec-support (~> 3.9.0)
    rspec-mocks (3.9.1)
      diff-lcs (>= 1.2.0, < 2.0)
      rspec-support (~> 3.9.0)
    rspec-support (3.9.2)
    rspec_junit_formatter (0.4.1)
      rspec-core (>= 2, < 4, != 2.12.0)
    rubocop (0.80.1)
      jaro_winkler (~> 1.5.1)
      parallel (~> 1.10)
      parser (>= 2.7.0.1)
      rainbow (>= 2.2.2, < 4.0)
      rexml
      ruby-progressbar (~> 1.7)
      unicode-display_width (>= 1.4.0, < 1.7)
    rubocop-performance (1.5.2)
      rubocop (>= 0.71.0)
    rubocop-rspec (1.38.1)
      rubocop (>= 0.68.1)
    rubocop_runner (2.2.0)
    ruby-progressbar (1.10.1)
    simplecov (0.18.5)
      docile (~> 1.1)
      simplecov-html (~> 0.11)
    simplecov-html (0.12.1)
    thor (0.20.3)
    timecop (0.9.1)
    unicode-display_width (1.6.1)
    url (0.3.2)

PLATFORMS
  ruby

DEPENDENCIES
  aws-sdk-kms
  aws-sdk-s3
  bundler
  bundler-audit
  byebug
  codacy-coverage
  codecov
  msgpack
  porky_lib!
  rake
  rbnacl (= 5.0.0)
  rbnacl-libsodium
  rspec
  rspec-collection_matchers
  rspec-mocks
  rspec_junit_formatter
  rubocop
  rubocop-performance
  rubocop-rspec
  rubocop_runner
  simplecov
  timecop

RUBY VERSION
   ruby 2.7.0p0

BUNDLED WITH
   2.1.4
